GEM
  remote: https://rubygems.org/
  specs:
    minitest (5.6.1)
    rake (12.0.0)
    ruby-progressbar (1.7.5)

PLATFORMS
  ruby

DEPENDENCIES
  minitest
  rake
  ruby-progressbar

BUNDLED WITH
   1.15.1
